GEM
  remote: https://rubygems.org/
  specs:
    kiba (4.0.0)
    rake (11.3.0)

PLATFORMS
  x86_64-darwin-21

DEPENDENCIES
  kiba
  rake (~> 11.2, >= 11.2.2)

BUNDLED WITH
   2.3.7
